GEM
  remote: https://rubygems.org/
  remote: http://rubygems.iqmetrix.net/
  specs:
    addressable (2.5.0)
      public_suffix (~> 2.0, >= 2.0.2)
    colorator (1.1.0)
    deep_merge (1.1.1)
    ffi (1.9.14)
    ffi (1.9.14-x64-mingw32)
    ffi (1.9.14-x86-mingw32)
    filesize (0.1.1)
    forwardable-extended (2.6.0)
    httparty (0.13.7)
      json (~> 1.8)
      multi_xml (>= 0.5.2)
    inetmgr (0.7.0)
    iq_buildscripts_common (1.25.4)
      deep_merge
      filesize (< 2.0)
      httparty (~> 0.13)
      inetmgr (= 0.7.0)
      iq_seven_zip_ruby (~> 1.2)
      lastpass (~> 1.4.0)
      nokogiri (~> 1.6.7)
      rake
      rest-client (= 1.6.9)
      retriable (~> 2.0)
      rubyzip (~> 1.0)
    iq_seven_zip_ruby (1.3.2)
    jekyll (3.3.1)
      addressable (~> 2.4)
      colorator (~> 1.0)
      jekyll-sass-converter (~> 1.0)
      jekyll-watch (~> 1.1)
      kramdown (~> 1.3)
      liquid (~> 3.0)
      mercenary (~> 0.3.3)
      pathutil (~> 0.9)
      rouge (~> 1.7)
      safe_yaml (~> 1.0)
    jekyll-sass-converter (1.5.0)
      sass (~> 3.4)
    jekyll-watch (1.5.0)
      listen (~> 3.0, < 3.1)
    json (1.8.3)
    kramdown (1.13.0)
    lastpass (1.4.0)
      httparty (~> 0.13.0)
      pbkdf2-ruby (~> 0.2.0)
    liquid (3.0.6)
    listen (3.0.8)
      rb-fsevent (~> 0.9, >= 0.9.4)
      rb-inotify (~> 0.9, >= 0.9.7)
    mercenary (0.3.6)
    mime-types (1.25.1)
    mini_portile2 (2.1.0)
    multi_xml (0.5.5)
    nokogiri (1.6.8.1)
      mini_portile2 (~> 2.1.0)
    nokogiri (1.6.8.1-x64-mingw32)
      mini_portile2 (~> 2.1.0)
    nokogiri (1.6.8.1-x86-mingw32)
      mini_portile2 (~> 2.1.0)
    pathutil (0.14.0)
      forwardable-extended (~> 2.6)
    pbkdf2-ruby (0.2.1)
    public_suffix (2.0.4)
    rake (11.3.0)
    rb-fsevent (0.9.8)
    rb-inotify (0.9.7)
      ffi (>= 0.5.0)
    rest-client (1.6.9)
      mime-types (~> 1.16)
    retriable (2.1.0)
    rouge (1.11.1)
    rubyzip (1.2.0)
    safe_yaml (1.0.4)
    sass (3.4.22)

PLATFORMS
  ruby
  x64-mingw32
  x86-mingw32

DEPENDENCIES
  iq_buildscripts_common (~> 1.0)!
  jekyll (= 3.3.1)

BUNDLED WITH
   1.13.2
